GEM
  remote: http://rubygems.org/
  specs:
    awesome_print (1.2.0)
    coderay (1.0.9)
    daemons (1.1.9)
    eventmachine (1.0.3)
    haml (4.0.3)
      tilt
    method_source (0.8.2)
    net-scp (1.1.2)
      net-ssh (>= 2.6.5)
    net-ssh (2.7.0)
    pry (0.9.12.2)
      coderay (~> 1.0.5)
      method_source (~> 0.8)
      slop (~> 3.4)
    rack (1.5.2)
    rack-protection (1.5.0)
      rack
    sinatra (1.4.3)
      rack (~> 1.4)
      rack-protection (~> 1.4)
      tilt (~> 1.3, >= 1.3.4)
    slop (3.4.6)
    thin (1.5.1)
      daemons (>= 1.0.9)
      eventmachine (>= 0.12.6)
      rack (>= 1.0.0)
    tilt (1.4.1)

PLATFORMS
  ruby

DEPENDENCIES
  awesome_print (~> 1.2.0)
  haml (~> 4.0.2)
  net-scp (~> 1.1.2)
  net-ssh (~> 2.7.0)
  pry (~> 0.9.12)
  rack (~> 1.5.2)
  sinatra (~> 1.4.2)
  thin (~> 1.5.1)
