GEM
  remote: http://rubygems.org/
  specs:
    awesome_print (1.8.0)
    coderay (1.1.3)
    daemons (1.3.1)
    eventmachine (1.2.7-x64-mingw32)
    haml (5.2.1)
      temple (>= 0.8.0)
      tilt
    method_source (1.0.0)
    mustermann (1.1.1)
      ruby2_keywords (~> 0.0.1)
    net-scp (3.0.0)
      net-ssh (>= 2.6.5, < 7.0.0)
    net-ssh (6.1.0)
    pry (0.13.1)
      coderay (~> 1.1)
      method_source (~> 1.0)
    rack (2.2.3)
    rack-protection (2.1.0)
      rack
    ruby2_keywords (0.0.2)
    sinatra (2.1.0)
      mustermann (~> 1.0)
      rack (~> 2.2)
      rack-protection (= 2.1.0)
      tilt (~> 2.0)
    temple (0.8.2)
    thin (1.8.0)
      daemons (~> 1.0, >= 1.0.9)
      eventmachine (~> 1.0, >= 1.0.4)
      rack (>= 1, < 3)
    tilt (2.0.10)

PLATFORMS
  x64-mingw32

DEPENDENCIES
  awesome_print (~> 1.8.0)
  haml (~> 5.2.1)
  net-scp (~> 3.0.0)
  net-ssh (~> 6.1.0)
  pry (~> 0.13.1)
  rack (~> 2.2.3)
  sinatra (~> 2.1.0)
  thin (~> 1.8.0)

BUNDLED WITH
   2.1.4
